PATH
  remote: /Users/abdullah/Desktop/kaffeinated_bits/inhouse/gems/android_motion_query
  specs:
    android_motion_query (0.2.2)

GEM
  remote: https://rubygems.org/
  specs:
    rake (12.2.1)

PLATFORMS
  ruby

DEPENDENCIES
  android_motion_query!
  rake

BUNDLED WITH
   1.16.0
