PATH
  remote: ../..
  specs:
    android_motion_query (0.2.3)
      motion-gradle

GEM
  remote: https://rubygems.org/
  specs:
    motion-gradle (2.1.0)
    rake (12.3.0)

PLATFORMS
  ruby

DEPENDENCIES
  android_motion_query!
  rake

BUNDLED WITH
   1.16.0
